GEM
  remote: https://rubygems.org/
  specs:
    faraday (0.9.0)
      multipart-post (>= 1.2, < 3)
    mini_portile (0.6.0)
    multipart-post (2.0.0)
    nokogiri (1.6.2.1)
      mini_portile (= 0.6.0)
    oj (2.9.5)
    ox (2.1.1)

PLATFORMS
  ruby

DEPENDENCIES
  faraday
  nokogiri
  oj
  ox
